GEM
  remote: https://rubygems.org/
  specs:
    ast (2.4.2)
    benchmark (0.1.1)
    fileutils (1.5.0)
    logger (1.4.3)
    parallel (1.20.1)
    parser (3.0.0.0)
      ast (~> 2.4.1)
    rainbow (3.0.0)
    regexp_parser (2.1.1)
    rexml (3.2.4)
    rubocop (1.10.0)
      parallel (~> 1.10)
      parser (>= 3.0.0.0)
      rainbow (>= 2.2.2, < 4.0)
      regexp_parser (>= 1.8, < 3.0)
      rexml
      rubocop-ast (>= 1.2.0, < 2.0)
      ruby-progressbar (~> 1.7)
      unicode-display_width (>= 1.4.0, < 3.0)
    rubocop-ast (1.4.1)
      parser (>= 2.7.1.5)
    ruby-progressbar (1.11.0)
    tmpdir (0.1.1)
      fileutils
    unicode-display_width (2.0.0)

PLATFORMS
  ruby

DEPENDENCIES
  benchmark (~> 0.1.1)
  logger
  rubocop (~> 1.10.0)
  tmpdir

BUNDLED WITH
   2.1.4
